PATH
  remote: .
  specs:
    number_mapper (0.0.1)

GEM
  remote: https://rubygems.org/
  specs:
    minitest (5.10.2)
    rake (10.5.0)

PLATFORMS
  ruby

DEPENDENCIES
  bundler (~> 1.15)
  minitest (~> 5.0)
  number_mapper!
  rake (~> 10.0)

BUNDLED WITH
   1.15.1
